GEM
  remote: https://rubygems.org/
  specs:
    addressable (2.8.4)
      public_suffix (>= 2.0.2, < 6.0)
    colored2 (3.1.2)
    cri (2.15.11)
    erubi (1.12.0)
    faraday (1.10.3)
      faraday-em_http (~> 1.0)
      faraday-em_synchrony (~> 1.0)
      faraday-excon (~> 1.1)
      faraday-httpclient (~> 1.0)
      faraday-multipart (~> 1.0)
      faraday-net_http (~> 1.0)
      faraday-net_http_persistent (~> 1.0)
      faraday-patron (~> 1.0)
      faraday-rack (~> 1.0)
      faraday-retry (~> 1.0)
      ruby2_keywords (>= 0.0.4)
    faraday-em_http (1.0.0)
    faraday-em_synchrony (1.0.0)
    faraday-excon (1.1.0)
    faraday-httpclient (1.0.1)
    faraday-multipart (1.0.4)
      multipart-post (~> 2)
    faraday-net_http (1.0.1)
    faraday-net_http_persistent (1.2.0)
    faraday-patron (1.0.0)
    faraday-rack (1.0.0)
    faraday-retry (1.0.3)
    faraday_middleware (1.2.0)
      faraday (~> 1.0)
    fast_gettext (2.3.0)
    forwardable (1.3.3)
    gettext (3.4.3)
      erubi
      locale (>= 2.0.5)
      prime
      text (>= 1.3.0)
    gettext-setup (1.1.0)
      fast_gettext (~> 2.1)
      gettext (~> 3.4)
      locale
    git (1.18.0)
      addressable (~> 2.8)
      rchardet (~> 1.8)
    jwt (2.2.3)
    locale (2.1.3)
    log4r (1.1.10)
    minitar (0.9)
    molinillo (0.8.0)
    multi_json (1.15.0)
    multipart-post (2.3.0)
    prime (0.1.2)
      forwardable
      singleton
    public_suffix (5.0.1)
    puppet_forge (3.2.0)
      faraday (~> 1.3)
      faraday_middleware (~> 1.0)
      minitar
      semantic_puppet (~> 1.0)
    r10k (3.15.4)
      colored2 (= 3.1.2)
      cri (>= 2.15.10)
      fast_gettext (>= 1.1.0, < 3.0.0)
      gettext (>= 3.0.2, < 4.0.0)
      gettext-setup (>= 0.24, < 2.0.0)
      jwt (~> 2.2.3)
      log4r (= 1.1.10)
      minitar (~> 0.9)
      multi_json (~> 1.10)
      puppet_forge (>= 2.3.0, < 4.0.0)
    ra10ke (2.0.0)
      git
      puppet_forge
      r10k (>= 2.6.5)
      rake
      semverse (>= 2.0)
      solve
      table_print (~> 1.5.6)
    rake (13.0.6)
    rchardet (1.8.0)
    ruby2_keywords (0.0.5)
    semantic_puppet (1.1.0)
    semverse (3.0.2)
    singleton (0.1.1)
    solve (4.0.4)
      molinillo (~> 0.6)
      semverse (>= 1.1, < 4.0)
    table_print (1.5.7)
    text (1.3.1)

PLATFORMS
  x86_64-darwin-22

DEPENDENCIES
  r10k (~> 3)
  ra10ke (~> 2)
  rake (~> 13)

BUNDLED WITH
   2.4.7
